{
    "AcquisitionDuration": "8:36", 
    "SliceEncodingDirection": "k", 
    "ManufacturersModelName": "TrioTim", 
    "AcquisitionMatrix": "64x64", 
    "TaskName": "rest", 
    "PixelSpacing": "3.0x3.0", 
    "RepetitionTime": 2.0, 
    "MagneticFieldStrength": "3T", 
    "FieldofViewShape": "Rectangle", 
    "SliceThickness": 3.0, 
    "PixelBandwidth": 3126.0, 
    "Manufacturer": "Siemens", 
    "FlipAngle": 90, 
    "NumberOfSlices": 35, 
    "ParallelAcquisition": "Off", 
    "FieldofViewDimensions": "192x192", 
    "SpacingBetweenSlices": 3.0, 
    "EchoTime": 0.025, 
    "Orientation": "Axial", 
    "SliceTiming": [
        0.0, 
        1.02857, 
        0.05714, 
        1.08571, 
        0.11429, 
        1.14286, 
        0.17143, 
        1.2, 
        0.22857, 
        1.2571400000000001, 
        0.28570999999999996, 
        1.31429, 
        0.34286, 
        1.3714300000000001, 
        0.4, 
        1.42857, 
        0.45714, 
        1.48571, 
        0.5142899999999999, 
        1.54286, 
        0.57143, 
        1.6, 
        0.6285700000000001, 
        1.65714, 
        0.68571, 
        1.7142899999999999, 
        0.74286, 
        1.77143, 
        0.8, 
        1.82857, 
        0.85714, 
        1.88571, 
        0.9142899999999999, 
        1.9428599999999998, 
        0.9714299999999999
    ], 
    "NumberofMeasurements": 256, 
    "TaskDescription": "A screen is presented to the participant with the text \"relax\"", 
    "PulseSequenceType": "EPI", 
    "PhaseEncodingDirection": "j-", 
    "ScanOptions": "FS", 
    "SliceAcquisitionOrder": "Interleaved Ascending", 
    "Instructions": "Participants were asked to keep their eyes open and relax."
}